GEM
  remote: http://rubygems.org/
  specs:
    beanstalk-client (1.1.0)
    daemons (1.0.10)
    diff-lcs (1.1.2)
    eventmachine (0.12.10)
    ffi (1.0.7)
      rake (>= 0.8.7)
    ffi-rzmq (0.8.0)
    rake (0.8.7)
    rspec (2.3.0)
      rspec-core (~> 2.3.0)
      rspec-expectations (~> 2.3.0)
      rspec-mocks (~> 2.3.0)
    rspec-core (2.3.1)
    rspec-expectations (2.3.0)
      diff-lcs (~> 1.1.2)
    rspec-mocks (2.3.0)
    yajl-ruby (0.8.1)

PLATFORMS
  ruby

DEPENDENCIES
  beanstalk-client
  daemons
  eventmachine
  ffi
  ffi-rzmq
  rspec
  yajl-ruby
